GEM
  remote: https://rubygems.org/
  specs:
    activegraph (11.4.0)
      activemodel (>= 4.0)
      activesupport (>= 4.0)
      i18n (!= 1.8.8)
      neo4j-ruby-driver (>= 4.4.1)
      orm_adapter (~> 0.5.0)
      sorted_set
    activemodel (7.0.8)
      activesupport (= 7.0.8)
    activesupport (7.0.8)
      concurrent-ruby (~> 1.0, >= 1.0.2)
      i18n (>= 1.6, < 2)
      minitest (>= 5.1)
      tzinfo (~> 2.0)
    async (2.6.4)
      console (~> 1.10)
      fiber-annotation
      io-event (~> 1.1)
      timers (~> 4.1)
    async-io (1.36.0)
      async
    concurrent-ruby (1.2.2)
    connection_pool (2.4.1)
    console (1.23.2)
      fiber-annotation
      fiber-local
    fiber-annotation (0.2.0)
    fiber-local (1.0.0)
    i18n (1.14.1)
      concurrent-ruby (~> 1.0)
    io-event (1.3.2)
    minitest (5.20.0)
    neo4j-ruby-driver (4.4.4)
      activesupport
      async-io
      connection_pool
      zeitwerk (>= 2.1.10)
    nokogiri (1.15.4-x86_64-linux)
      racc (~> 1.4)
    orm_adapter (0.5.0)
    racc (1.7.1)
    rbtree (0.4.6)
    set (1.0.3)
    sorted_set (1.0.3)
      rbtree
      set (~> 1.0)
    timers (4.3.5)
    tzinfo (2.0.6)
      concurrent-ruby (~> 1.0)
    zeitwerk (2.6.11)

PLATFORMS
  x86_64-linux

DEPENDENCIES
  activegraph (>= 10.0.0)
  neo4j-ruby-driver
  nokogiri

RUBY VERSION
   ruby 3.2.2p53

BUNDLED WITH
   2.4.7
