GEM
  remote: https://rubygems.org/
  specs:
    nokogiri (1.15.4-x86_64-linux)
      racc (~> 1.4)
    racc (1.7.1)

PLATFORMS
  x86_64-linux

DEPENDENCIES
  nokogiri

RUBY VERSION
   ruby 3.2.0p0

BUNDLED WITH
   2.4.7
